PATH
  remote: .
  specs:
    cassandra-web (0.5.0)
      bigdecimal (~> 3.1)
      cassandra-driver (~> 3.1)
      logger (~> 1.6)
      lz4-ruby (~> 0.3)
      ostruct (~> 0.5)
      rack-cors (>= 0.2, < 2.0)
      rack-parser (~> 0.6)
      sinatra (~> 1.4)
      sorted_set (~> 1.0)
      thin (~> 1.6)

GEM
  remote: https://rubygems.org/
  specs:
    bigdecimal (3.2.2)
    cassandra-driver (3.2.5)
      ione (~> 1.2)
    daemons (1.4.1)
    eventmachine (1.2.7)
    ione (1.2.5)
    logger (1.7.0)
    lz4-ruby (0.3.3)
    ostruct (0.6.1)
    rack (1.6.13)
    rack-cors (1.0.6)
      rack (>= 1.6.0)
    rack-parser (0.7.0)
      rack
    rack-protection (1.5.5)
      rack
    rake (12.3.3)
    rbtree (0.4.6)
    set (1.1.2)
    sinatra (1.4.8)
      rack (~> 1.5)
      rack-protection (~> 1.4)
      tilt (>= 1.3, < 3)
    sorted_set (1.0.3)
      rbtree
      set (~> 1.0)
    thin (1.8.2)
      daemons (~> 1.0, >= 1.0.9)
      eventmachine (~> 1.0, >= 1.0.4)
      rack (>= 1, < 3)
    tilt (2.6.0)

PLATFORMS
  arm64-darwin-24
  ruby

DEPENDENCIES
  bundler (>= 2.6, < 3.0)
  cassandra-web!
  rake (~> 12.3)

BUNDLED WITH
   2.6.9
